GEM
  remote: https://rubygems.org/
  specs:
    rubyzip (1.2.2)

PLATFORMS
  ruby

DEPENDENCIES
  rubyzip (~> 1.2.2)

BUNDLED WITH
   1.16.3
