GEM
  remote: https://rubygems.org/
  specs:
    rubyzip (1.3.0)

PLATFORMS
  ruby

DEPENDENCIES
  rubyzip (~> 1.3.0)

BUNDLED WITH
   1.16.3
